GEM
  remote: https://rubygems.org/
  specs:
    addressable (2.5.2)
      public_suffix (>= 2.0.2, < 4.0)
    httparty (0.16.3)
      mime-types (~> 3.0)
      multi_xml (>= 0.5.2)
    mime-types (3.2.2)
      mime-types-data (~> 3.2015)
    mime-types-data (3.2018.0812)
    mini_portile2 (2.3.0)
    multi_xml (0.6.0)
    nokogiri (1.8.5)
      mini_portile2 (~> 2.3.0)
    public_suffix (3.0.3)

PLATFORMS
  ruby

DEPENDENCIES
  addressable!
  httparty!
  nokogiri (~> 1.8.5)!

BUNDLED WITH
   1.16.2
