GEM
  remote: https://rubygems.org/
  specs:
    addressable (2.5.2)
      public_suffix (>= 2.0.2, < 4.0)
    httparty (0.15.6)
      multi_xml (>= 0.5.2)
    mini_portile2 (2.3.0)
    multi_xml (0.6.0)
    nokogiri (1.8.1)
      mini_portile2 (~> 2.3.0)
    public_suffix (3.0.0)

PLATFORMS
  ruby

DEPENDENCIES
  addressable!
  httparty!
  nokogiri!

BUNDLED WITH
   1.16.0.pre.2
