GEM
  remote: https://rubygems.org/
  specs:
    addressable (2.5.0)
      public_suffix (~> 2.0, >= 2.0.2)
    httparty (0.14.0)
      multi_xml (>= 0.5.2)
    mini_portile2 (2.1.0)
    multi_xml (0.6.0)
    nokogiri (1.7.0.1)
      mini_portile2 (~> 2.1.0)
    public_suffix (2.0.5)

PLATFORMS
  ruby

DEPENDENCIES
  addressable!
  httparty!
  nokogiri!

RUBY VERSION
   ruby 2.4.0p0

BUNDLED WITH
   1.14.4
